PATH
  remote: .
  specs:
    fech (1.6.2)
      ensure-encoding
      fastercsv
      people

GEM
  remote: http://rubygems.org/
  specs:
    columnize (0.3.6)
    debugger (1.4.0)
      columnize (>= 0.3.1)
      debugger-linecache (~> 1.1.1)
      debugger-ruby_core_source (~> 1.2.0)
    debugger-linecache (1.1.2)
      debugger-ruby_core_source (>= 1.1.1)
    debugger-ruby_core_source (1.2.4)
    diff-lcs (1.1.2)
    ensure-encoding (0.1)
    fastercsv (1.5.5)
    mocha (0.9.12)
    people (0.2.1)
    rake (0.8.7)
    rdoc (3.9.2)
    rspec (2.6.0)
      rspec-core (~> 2.6.0)
      rspec-expectations (~> 2.6.0)
      rspec-mocks (~> 2.6.0)
    rspec-core (2.6.4)
    rspec-expectations (2.6.0)
      diff-lcs (~> 1.1.2)
    rspec-mocks (2.6.0)
    yard (0.7.2)

PLATFORMS
  ruby

DEPENDENCIES
  bundler
  debugger (= 1.4.0)
  fech!
  mocha
  rake
  rdoc
  rspec (~> 2.6)
  yard
